GIT
  remote: https://github.com/ruby/reline.git
  revision: 6cee9fa09d27e22ea46b841bf852bb55bcf507bf
  specs:
    reline (0.3.3)
      io-console (~> 0.5)

GEM
  remote: https://rubygems.org/
  specs:
    io-console (0.6.0)
    irb (1.6.3)
      reline (>= 0.3.0)
    rbs (3.0.4)

PLATFORMS
  x86_64-darwin-20

DEPENDENCIES
  irb
  rbs
  reline!

BUNDLED WITH
   2.4.12
